{
	"Modality": "MR",
	"MagneticFieldStrength": 3,
	"ImagingFrequency": 123.261,
	"Manufacturer": "Siemens",
	"ManufacturersModelName": "Prisma",
	"InstitutionName": "SUBIC",
	"SoftwareVersions": "syngo MR E11",
	"SeriesNumber": 5,
	"AcquisitionTime": "09:14:0.987500",
	"AcquisitionNumber": 1,
	"SliceThickness": 2,
	"SpacingBetweenSlices": 2.5,
	"SAR": 0.105748,
	"EchoNumber": 1,
	"EchoTime": 0.00492,
	"RepetitionTime": 0.662,
	"FlipAngle": 60,
	"PartialFourier": 1,
	"BaseResolution": 64,
	"ShimSetting": [
		-2702,
		-1150,
		1132,
		244,
		34,
		102,
		71,
		0	],
	"TxRefAmp": 251.379,
	"PhaseResolution": 1,
	"ReceiveCoilName": "HeadNeck_20",
	"ReceiveCoilActiveElements": "HE1-4",
	"PulseSequenceDetails": "%SiemensSeq%\\gre_field_mapping",
	"CoilCombinationMethod": "Sum of Squares",
	"ConsistencyInfo": "N4_VE11C_LATEST_20160120",
	"MatrixCoilMode": "SENSE",
	"PercentPhaseFOV": 100,
	"PercentSampling": 100,
	"PhaseEncodingSteps": 64,
	"AcquisitionMatrixPE": 64,
	"ReconMatrixPE": 64,
	"PixelBandwidth": 595,
	"DwellTime": 1.31e-05,
	"PhaseEncodingDirection": "i",
	"SliceTiming": [
		0,
		0.34375,
		0.01563,
		0.35156,
		0.03125,
		0.36719,
		0.03906,
		0.375,
		0.05469,
		0.39063,
		0.0625,
		0.39844,
		0.07813,
		0.41406,
		0.08594,
		0.42188,
		0.10156,
		0.4375,
		0.10938,
		0.44531,
		0.125,
		0.46094,
		0.13281,
		0.47656,
		0.14844,
		0.48438,
		0.16406,
		0.5,
		0.17188,
		0.50781,
		0.17969,
		0.52344,
		0.19531,
		0.53125,
		0.21094,
		0.54688,
		0.21875,
		0.55469,
		0.23438,
		0.57031,
		0.24219,
		0.57813,
		0.25781,
		0.59375,
		0.26563,
		0.60938,
		0.28125,
		0.61719,
		0.29688,
		0.63281,
		0.30469,
		0.64063,
		0.3125,
		0.65625,
		0.32813	],
	"ImageOrientationPatientDICOM": [
		0.988012,
		-0.149345,
		0.0391012,
		0.148894,
		0.988751,
		0.0142251	],
	"ImageOrientationText": "Tra>Sag(2.3)>Cor(0.5)",
	"InPlanePhaseEncodingDirectionDICOM": "ROW",
	"ConversionSoftware": "dcm2niix",
	"ConversionSoftwareVersion": "v1.0.20211006"
}
