{
	"Modality": "MR",
	"MagneticFieldStrength": 3,
	"ImagingFrequency": 123.26,
	"Manufacturer": "Siemens",
	"ManufacturersModelName": "Prisma",
	"InstitutionName": "SUBIC",
	"SoftwareVersions": "syngo MR E11",
	"SeriesNumber": 7,
	"AcquisitionTime": "13:31:53.830000",
	"AcquisitionNumber": 1,
	"SliceThickness": 2,
	"SpacingBetweenSlices": 2.5,
	"SAR": 0.115378,
	"EchoNumber": 2,
	"EchoTime": 0.00738,
	"RepetitionTime": 0.662,
	"FlipAngle": 60,
	"EchoTime1": 0.00492,
	"EchoTime2": 0.00738,
	"PartialFourier": 1,
	"BaseResolution": 64,
	"ShimSetting": [
		-2743,
		-1114,
		1141,
		266,
		113,
		-133,
		-43,
		49	],
	"TxRefAmp": 272.608,
	"PhaseResolution": 1,
	"ReceiveCoilName": "HeadNeck_20",
	"ReceiveCoilActiveElements": "HE1-4",
	"PulseSequenceDetails": "%SiemensSeq%\\gre_field_mapping",
	"CoilCombinationMethod": "Sum of Squares",
	"ConsistencyInfo": "N4_VE11C_LATEST_20160120",
	"MatrixCoilMode": "SENSE",
	"PercentPhaseFOV": 100,
	"PercentSampling": 100,
	"PhaseEncodingSteps": 64,
	"AcquisitionMatrixPE": 64,
	"ReconMatrixPE": 64,
	"PixelBandwidth": 595,
	"DwellTime": 1.31e-05,
	"PhaseEncodingDirection": "i",
	"SliceTiming": [
		0,
		0.34375,
		0.01563,
		0.34375,
		0.03125,
		0.35938,
		0.03125,
		0.375,
		0.04688,
		0.39063,
		0.0625,
		0.40625,
		0.07813,
		0.40625,
		0.09375,
		0.42188,
		0.09375,
		0.4375,
		0.10938,
		0.45313,
		0.125,
		0.45313,
		0.14063,
		0.46875,
		0.14063,
		0.48438,
		0.15625,
		0.5,
		0.17188,
		0.5,
		0.1875,
		0.51563,
		0.1875,
		0.53125,
		0.20313,
		0.54688,
		0.21875,
		0.54688,
		0.23438,
		0.5625,
		0.23438,
		0.57813,
		0.25,
		0.59375,
		0.26563,
		0.60938,
		0.28125,
		0.60938,
		0.29688,
		0.625,
		0.29688,
		0.64063,
		0.3125,
		0.65625,
		0.32813	],
	"ImageOrientationPatientDICOM": [
		0.990541,
		0.0834448,
		-0.108925,
		-0.0997423,
		0.98303,
		-0.153961	],
	"ImageOrientationText": "Tra>Cor(-9.4)>Sag(-5.4)",
	"InPlanePhaseEncodingDirectionDICOM": "ROW",
	"ConversionSoftware": "dcm2niix",
	"ConversionSoftwareVersion": "v1.0.20211006"
}
