{
	"TaskName": "InnerSpeech",
	"Modality": "MR",
	"MagneticFieldStrength": 3,
	"ImagingFrequency": 123.261,
	"Manufacturer": "Siemens",
	"ManufacturersModelName": "Prisma",
	"InstitutionName": "SUBIC",
	"SoftwareVersions": "syngo MR E11",
	"SeriesNumber": 8,
	"AcquisitionTime": "14:15:18.825000",
	"AcquisitionNumber": 1,
	"ImageComments": "Unaliased MB2/PE4/LB",
	"SliceThickness": 2,
	"SpacingBetweenSlices": 2,
	"SAR": 0.0620955,
	"EchoTime": 0.03,
	"RepetitionTime": 2.16,
	"FlipAngle": 70,
	"PartialFourier": 1,
	"BaseResolution": 100,
	"ShimSetting": [
		-2707,
		-1108,
		1089,
		314,
		103,
		-179,
		-95,
		-17	],
	"TxRefAmp": 276.079,
	"PhaseResolution": 1,
	"ReceiveCoilName": "HeadNeck_20",
	"ReceiveCoilActiveElements": "HE1-4",
	"PulseSequenceDetails": "%CustomerSeq%\\cmrr_mbep2d_bold",
	"WipMemBlock": "0d1fbfb3-2e45-414c-b91e-47d9f461db6a||Sequence: R016 ve11c/master r/e634e98; Dec 19 2017 11:00:25 by eja",
	"RefLinesPE": 24,
	"CoilCombinationMethod": "Sum of Squares",
	"ConsistencyInfo": "N4_VE11C_LATEST_20160120",
	"MatrixCoilMode": "GRAPPA",
	"MultibandAccelerationFactor": 2,
	"PercentPhaseFOV": 100,
	"PercentSampling": 100,
	"EchoTrainLength": 49,
	"PhaseEncodingSteps": 99,
	"AcquisitionMatrixPE": 100,
	"ReconMatrixPE": 100,
	"BandwidthPerPixelPhaseEncode": 37.736,
	"ParallelReductionFactorInPlane": 2,
	"EffectiveEchoSpacing": 0.000264999,
	"DerivedVendorReportedEchoSpacing": 0.000529998,
	"TotalReadoutTime": 0.0262349,
	"PixelBandwidth": 2275,
	"DwellTime": 2.2e-06,
	"PhaseEncodingDirection": "j-",
	"SliceTiming": [
		0,
		1.575,
		1.0075,
		0.4425,
		2.015,
		1.4475,
		0.8825,
		0.315,
		1.89,
		1.3225,
		0.755,
		0.19,
		1.7625,
		1.1975,
		0.63,
		0.0625,
		1.6375,
		1.07,
		0.505,
		2.0775,
		1.51,
		0.945,
		0.3775,
		1.9525,
		1.385,
		0.82,
		0.2525,
		1.825,
		1.26,
		0.6925,
		0.1275,
		1.7,
		1.1325,
		0.5675,
		0,
		1.575,
		1.0075,
		0.4425,
		2.015,
		1.4475,
		0.8825,
		0.315,
		1.89,
		1.3225,
		0.755,
		0.19,
		1.7625,
		1.1975,
		0.63,
		0.0625,
		1.6375,
		1.07,
		0.505,
		2.0775,
		1.51,
		0.945,
		0.3775,
		1.9525,
		1.385,
		0.82,
		0.2525,
		1.825,
		1.26,
		0.6925,
		0.1275,
		1.7,
		1.1325,
		0.5675	],
	"ImageOrientationPatientDICOM": [
		0.999768,
		0.00547218,
		0.0208432,
		-0.00279188,
		0.991961,
		-0.126514	],
	"ImageOrientationText": "Tra>Cor(-7.3)>Sag(1.2)",
	"InPlanePhaseEncodingDirectionDICOM": "COL",
	"ConversionSoftware": "dcm2niix",
	"ConversionSoftwareVersion": "v1.0.20211006"
}
