{
	"TaskName": "InnerSpeech",
	"Modality": "MR",
	"MagneticFieldStrength": 3,
	"ImagingFrequency": 123.261,
	"Manufacturer": "Siemens",
	"ManufacturersModelName": "Prisma",
	"InstitutionName": "SUBIC",
	"SoftwareVersions": "syngo MR E11",
	"SeriesNumber": 7,
	"AcquisitionTime": "12:52:57.290000",
	"AcquisitionNumber": 1,
	"ImageComments": "Unaliased MB2/PE4/LB",
	"SliceThickness": 2,
	"SpacingBetweenSlices": 2,
	"SAR": 0.0645808,
	"EchoTime": 0.03,
	"RepetitionTime": 2.16,
	"FlipAngle": 70,
	"PartialFourier": 1,
	"BaseResolution": 100,
	"ShimSetting": [
		-2726,
		-1127,
		1127,
		219,
		63,
		-202,
		-57,
		1	],
	"TxRefAmp": 278.116,
	"PhaseResolution": 1,
	"ReceiveCoilName": "HeadNeck_20",
	"ReceiveCoilActiveElements": "HE1-4",
	"PulseSequenceDetails": "%CustomerSeq%\\cmrr_mbep2d_bold",
	"WipMemBlock": "20fcb8f8-16ef-4c9a-b7bc-0edbf89d75cf||Sequence: R016 ve11c/master r/e634e98; Dec 19 2017 11:00:25 by eja",
	"RefLinesPE": 24,
	"CoilCombinationMethod": "Sum of Squares",
	"ConsistencyInfo": "N4_VE11C_LATEST_20160120",
	"MatrixCoilMode": "GRAPPA",
	"MultibandAccelerationFactor": 2,
	"PercentPhaseFOV": 100,
	"PercentSampling": 100,
	"EchoTrainLength": 49,
	"PhaseEncodingSteps": 99,
	"AcquisitionMatrixPE": 100,
	"ReconMatrixPE": 100,
	"BandwidthPerPixelPhaseEncode": 37.736,
	"ParallelReductionFactorInPlane": 2,
	"EffectiveEchoSpacing": 0.000264999,
	"DerivedVendorReportedEchoSpacing": 0.000529998,
	"TotalReadoutTime": 0.0262349,
	"PixelBandwidth": 2275,
	"DwellTime": 2.2e-06,
	"PhaseEncodingDirection": "j-",
	"SliceTiming": [
		0,
		1.5725,
		1.005,
		0.44,
		2.0125,
		1.4475,
		0.88,
		0.3125,
		1.8875,
		1.32,
		0.755,
		0.1875,
		1.76,
		1.195,
		0.6275,
		0.0625,
		1.635,
		1.07,
		0.5025,
		2.075,
		1.51,
		0.9425,
		0.3775,
		1.95,
		1.3825,
		0.8175,
		0.25,
		1.825,
		1.2575,
		0.69,
		0.125,
		1.6975,
		1.1325,
		0.565,
		0,
		1.5725,
		1.005,
		0.44,
		2.0125,
		1.4475,
		0.88,
		0.3125,
		1.8875,
		1.32,
		0.755,
		0.1875,
		1.76,
		1.195,
		0.6275,
		0.0625,
		1.635,
		1.07,
		0.5025,
		2.075,
		1.51,
		0.9425,
		0.3775,
		1.95,
		1.3825,
		0.8175,
		0.25,
		1.825,
		1.2575,
		0.69,
		0.125,
		1.6975,
		1.1325,
		0.565	],
	"ImageOrientationPatientDICOM": [
		0.999994,
		0.00229519,
		0.00263449,
		-0.00191982,
		0.990903,
		-0.134561	],
	"ImageOrientationText": "Tra>Cor(-7.7)>Sag(0.2)",
	"InPlanePhaseEncodingDirectionDICOM": "COL",
	"ConversionSoftware": "dcm2niix",
	"ConversionSoftwareVersion": "v1.0.20211006"
}
