{
	"Modality": "MR",
	"MagneticFieldStrength": 3,
	"ImagingFrequency": 123.261,
	"Manufacturer": "Siemens",
	"ManufacturersModelName": "Prisma",
	"InstitutionName": "SUBIC",
	"SoftwareVersions": "syngo MR E11",
	"SeriesNumber": 5,
	"AcquisitionTime": "10:59:10.832500",
	"AcquisitionNumber": 1,
	"SliceThickness": 2,
	"SpacingBetweenSlices": 2.5,
	"SAR": 0.13486,
	"EchoNumber": 2,
	"EchoTime": 0.00738,
	"RepetitionTime": 0.662,
	"FlipAngle": 60,
	"PartialFourier": 1,
	"BaseResolution": 64,
	"ShimSetting": [
		-2690,
		-1152,
		1126,
		227,
		17,
		-112,
		-8,
		-51	],
	"TxRefAmp": 277.279,
	"PhaseResolution": 1,
	"ReceiveCoilName": "HeadNeck_20",
	"ReceiveCoilActiveElements": "HE1-4",
	"PulseSequenceDetails": "%SiemensSeq%\\gre_field_mapping",
	"CoilCombinationMethod": "Sum of Squares",
	"ConsistencyInfo": "N4_VE11C_LATEST_20160120",
	"MatrixCoilMode": "SENSE",
	"PercentPhaseFOV": 100,
	"PercentSampling": 100,
	"PhaseEncodingSteps": 64,
	"AcquisitionMatrixPE": 64,
	"ReconMatrixPE": 64,
	"PixelBandwidth": 595,
	"DwellTime": 1.31e-05,
	"PhaseEncodingDirection": "i",
	"SliceTiming": [
		0,
		0.33594,
		0.00781,
		0.34375,
		0.02344,
		0.35938,
		0.03125,
		0.36719,
		0.04688,
		0.38281,
		0.05469,
		0.39063,
		0.07031,
		0.40625,
		0.07813,
		0.42188,
		0.09375,
		0.42969,
		0.10938,
		0.44531,
		0.11719,
		0.45313,
		0.13281,
		0.46875,
		0.14063,
		0.47656,
		0.15625,
		0.49219,
		0.16406,
		0.5,
		0.17969,
		0.51563,
		0.1875,
		0.52344,
		0.20313,
		0.53906,
		0.21094,
		0.55469,
		0.22656,
		0.5625,
		0.23438,
		0.57031,
		0.25,
		0.58594,
		0.25781,
		0.60156,
		0.27344,
		0.60938,
		0.28906,
		0.625,
		0.29688,
		0.63281,
		0.3125,
		0.64844,
		0.32031	],
	"ImageOrientationPatientDICOM": [
		0.997426,
		-0.0613334,
		0.0371352,
		0.062578,
		0.997483,
		-0.0333347	],
	"ImageOrientationText": "Tra>Cor(-2.0)>Sag(2.0)",
	"InPlanePhaseEncodingDirectionDICOM": "ROW",
	"ConversionSoftware": "dcm2niix",
	"ConversionSoftwareVersion": "v1.0.20211006"
}
