{
	"Modality": "MR",
	"MagneticFieldStrength": 3,
	"ImagingFrequency": 123.261,
	"Manufacturer": "Siemens",
	"ManufacturersModelName": "Prisma",
	"InstitutionName": "SUBIC",
	"SoftwareVersions": "syngo MR E11",
	"SeriesNumber": 5,
	"AcquisitionTime": "10:59:10.167500",
	"AcquisitionNumber": 1,
	"SliceThickness": 2,
	"SpacingBetweenSlices": 2.5,
	"SAR": 0.13486,
	"EchoNumber": 1,
	"EchoTime": 0.00492,
	"RepetitionTime": 0.662,
	"FlipAngle": 60,
	"PartialFourier": 1,
	"BaseResolution": 64,
	"ShimSetting": [
		-2690,
		-1152,
		1126,
		227,
		17,
		-112,
		-8,
		-51	],
	"TxRefAmp": 277.279,
	"PhaseResolution": 1,
	"ReceiveCoilName": "HeadNeck_20",
	"ReceiveCoilActiveElements": "HE1-4",
	"PulseSequenceDetails": "%SiemensSeq%\\gre_field_mapping",
	"CoilCombinationMethod": "Sum of Squares",
	"ConsistencyInfo": "N4_VE11C_LATEST_20160120",
	"MatrixCoilMode": "SENSE",
	"PercentPhaseFOV": 100,
	"PercentSampling": 100,
	"PhaseEncodingSteps": 64,
	"AcquisitionMatrixPE": 64,
	"ReconMatrixPE": 64,
	"PixelBandwidth": 595,
	"DwellTime": 1.31e-05,
	"PhaseEncodingDirection": "i",
	"SliceTiming": [
		0,
		0.34375,
		0.01563,
		0.35156,
		0.03125,
		0.36719,
		0.03906,
		0.375,
		0.05469,
		0.39063,
		0.0625,
		0.39844,
		0.07813,
		0.41406,
		0.08594,
		0.42969,
		0.10156,
		0.4375,
		0.11719,
		0.45313,
		0.125,
		0.46094,
		0.13281,
		0.47656,
		0.14844,
		0.48438,
		0.16406,
		0.5,
		0.17188,
		0.50781,
		0.1875,
		0.52344,
		0.19531,
		0.53125,
		0.21094,
		0.54688,
		0.21875,
		0.55469,
		0.23438,
		0.57031,
		0.24219,
		0.57813,
		0.25781,
		0.59375,
		0.26563,
		0.60938,
		0.28125,
		0.61719,
		0.29688,
		0.63281,
		0.30469,
		0.64063,
		0.32031,
		0.65625,
		0.32813	],
	"ImageOrientationPatientDICOM": [
		0.997426,
		-0.0613334,
		0.0371352,
		0.062578,
		0.997483,
		-0.0333347	],
	"ImageOrientationText": "Tra>Cor(-2.0)>Sag(2.0)",
	"InPlanePhaseEncodingDirectionDICOM": "ROW",
	"ConversionSoftware": "dcm2niix",
	"ConversionSoftwareVersion": "v1.0.20211006"
}
